PATH
  remote: .
  specs:
    ca_postal_code (0.2.0)

GEM
  remote: https://rubygems.org/
  specs:
    coderay (1.1.3)
    diff-lcs (1.4.4)
    interception (0.5)
    method_source (1.0.0)
    pry (0.13.1)
      coderay (~> 1.1)
      method_source (~> 1.0)
    pry-rescue (1.5.2)
      interception (>= 0.5)
      pry (>= 0.12.0)
    rake (13.0.1)
    rspec (3.9.0)
      rspec-core (~> 3.9.0)
      rspec-expectations (~> 3.9.0)
      rspec-mocks (~> 3.9.0)
    rspec-core (3.9.2)
      rspec-support (~> 3.9.3)
    rspec-expectations (3.9.2)
      diff-lcs (>= 1.2.0, < 2.0)
      rspec-support (~> 3.9.0)
    rspec-mocks (3.9.1)
      diff-lcs (>= 1.2.0, < 2.0)
      rspec-support (~> 3.9.0)
    rspec-support (3.9.3)

PLATFORMS
  ruby

DEPENDENCIES
  bundler (~> 1.16)
  ca_postal_code!
  pry
  pry-rescue
  rake (~> 13.0)
  rspec (~> 3.0)

BUNDLED WITH
   2.2.22
